PATH
  remote: .
  specs:
    opsworks_interactor (1.0.1)
      aws-sdk (~> 2)

GEM
  remote: https://rubygems.org/
  specs:
    aws-eventstream (1.0.3)
    aws-sdk (2.11.402)
      aws-sdk-resources (= 2.11.402)
    aws-sdk-core (2.11.402)
      aws-sigv4 (~> 1.0)
      jmespath (~> 1.0)
    aws-sdk-resources (2.11.402)
      aws-sdk-core (= 2.11.402)
    aws-sigv4 (1.1.0)
      aws-eventstream (~> 1.0, >= 1.0.2)
    facets (3.1.0)
    jmespath (1.4.0)

PLATFORMS
  ruby

DEPENDENCIES
  facets
  opsworks_interactor!

BUNDLED WITH
   2.0.2
