PATH
  remote: .
  specs:
    opsworks_interactor (1.0.0)
      aws-sdk (~> 2)

GEM
  remote: https://rubygems.org/
  specs:
    aws-sdk (2.11.8)
      aws-sdk-resources (= 2.11.8)
    aws-sdk-core (2.11.8)
      aws-sigv4 (~> 1.0)
      jmespath (~> 1.0)
    aws-sdk-resources (2.11.8)
      aws-sdk-core (= 2.11.8)
    aws-sigv4 (1.0.2)
    jmespath (1.3.1)

PLATFORMS
  ruby

DEPENDENCIES
  opsworks_interactor!

BUNDLED WITH
   1.16.1
